PATH
  remote: .
  specs:
    dorsal (2.0.0)
      carioca (~> 2.1)
      rest-client (~> 2.1)
      sinatra (~> 3.0)
      stringio (~> 3.0)
      thor (~> 1.2)

GEM
  remote: https://rubygems.org/
  specs:
    ast (2.4.2)
    bundle-audit (0.1.0)
      bundler-audit
    bundler-audit (0.9.1)
      bundler (>= 1.2.0, < 3)
      thor (~> 1.0)
    carioca (2.1.0)
      deep_merge (~> 1.2)
      i18n (~> 1.10)
      locale (~> 2.1)
      pastel (~> 0.8.0)
      ps-ruby (~> 0.0.4)
      tty-prompt (~> 0.23.1)
      version (~> 1.1)
    code_statistics (0.2.13)
    concurrent-ruby (1.2.2)
    deep_merge (1.2.2)
    diff-lcs (1.5.0)
    domain_name (0.5.20190701)
      unf (>= 0.0.5, < 1.0.0)
    http-accept (1.7.0)
    http-cookie (1.0.5)
      domain_name (~> 0.5)
    i18n (1.14.0)
      concurrent-ruby (~> 1.0)
    json (2.6.3)
    locale (2.1.3)
    mime-types (3.4.1)
      mime-types-data (~> 3.2015)
    mime-types-data (3.2023.0218.1)
    mustermann (3.0.0)
      ruby2_keywords (~> 0.0.1)
    netrc (0.11.0)
    parallel (1.23.0)
    parser (3.2.2.1)
      ast (~> 2.4.1)
    pastel (0.8.0)
      tty-color (~> 0.5)
    ps-ruby (0.0.4)
    rack (2.2.7)
    rack-protection (3.0.6)
      rack
    rainbow (3.1.1)
    rake (13.0.6)
    regexp_parser (2.8.0)
    rest-client (2.1.0)
      http-accept (>= 1.7.0, < 2.0)
      http-cookie (>= 1.0.2, < 2.0)
      mime-types (>= 1.16, < 4.0)
      netrc (~> 0.8)
    rexml (3.2.5)
    rspec (3.12.0)
      rspec-core (~> 3.12.0)
      rspec-expectations (~> 3.12.0)
      rspec-mocks (~> 3.12.0)
    rspec-core (3.12.2)
      rspec-support (~> 3.12.0)
    rspec-expectations (3.12.3)
      diff-lcs (>= 1.2.0, < 2.0)
      rspec-support (~> 3.12.0)
    rspec-mocks (3.12.5)
      diff-lcs (>= 1.2.0, < 2.0)
      rspec-support (~> 3.12.0)
    rspec-support (3.12.0)
    rubocop (1.52.0)
      json (~> 2.3)
      parallel (~> 1.10)
      parser (>= 3.2.0.0)
      rainbow (>= 2.2.2, < 4.0)
      regexp_parser (>= 1.8, < 3.0)
      rexml (>= 3.2.5, < 4.0)
      rubocop-ast (>= 1.28.0, < 2.0)
      ruby-progressbar (~> 1.7)
      unicode-display_width (>= 2.4.0, < 3.0)
    rubocop-ast (1.29.0)
      parser (>= 3.2.1.0)
    ruby-progressbar (1.13.0)
    ruby2_keywords (0.0.5)
    sinatra (3.0.6)
      mustermann (~> 3.0)
      rack (~> 2.2, >= 2.2.4)
      rack-protection (= 3.0.6)
      tilt (~> 2.0)
    stringio (3.0.7)
    thor (1.2.2)
    tilt (2.1.0)
    tty-color (0.6.0)
    tty-cursor (0.7.1)
    tty-prompt (0.23.1)
      pastel (~> 0.8)
      tty-reader (~> 0.8)
    tty-reader (0.9.0)
      tty-cursor (~> 0.7)
      tty-screen (~> 0.8)
      wisper (~> 2.0)
    tty-screen (0.8.1)
    unf (0.1.4)
      unf_ext
    unf_ext (0.0.8.2)
    unicode-display_width (2.4.2)
    version (1.1.1)
    wisper (2.0.1)
    yard (0.9.34)
    yard-rspec (0.1)
      yard

PLATFORMS
  arm64-darwin-20

DEPENDENCIES
  bundle-audit (~> 0.1.0)
  code_statistics (~> 0.2.13)
  dorsal!
  rake (~> 13.0)
  rspec (~> 3.0)
  rubocop (~> 1.32)
  yard (~> 0.9.27)
  yard-rspec (~> 0.1)

BUNDLED WITH
   2.2.3
